GEM
  remote: https://rubygems.org/
  specs:
    aasm (3.3.1)
    actionmailer (4.1.4)
      actionpack (= 4.1.4)
      actionview (= 4.1.4)
      mail (~> 2.5.4)
    actionpack (4.1.4)
      actionview (= 4.1.4)
      activesupport (= 4.1.4)
      rack (~> 1.5.2)
      rack-test (~> 0.6.2)
    actionview (4.1.4)
      activesupport (= 4.1.4)
      builder (~> 3.1)
      erubis (~> 2.7.0)
    activemodel (4.1.4)
      activesupport (= 4.1.4)
      builder (~> 3.1)
    activerecord (4.1.4)
      activemodel (= 4.1.4)
      activesupport (= 4.1.4)
      arel (~> 5.0.0)
    activesupport (4.1.4)
      i18n (~> 0.6, >= 0.6.9)
      json (~> 1.7, >= 1.7.7)
      minitest (~> 5.1)
      thread_safe (~> 0.1)
      tzinfo (~> 1.1)
    arel (5.0.1.20140414130214)
    autoprefixer-rails (2.1.1.20140710)
      execjs
    awesome_print (1.2.0)
    bcrypt (3.1.7)
    better_errors (1.1.0)
      coderay (>= 1.0.0)
      erubis (>= 2.6.6)
    binding_of_caller (0.7.2)
      debug_inspector (>= 0.0.1)
    bootstrap-sass (3.2.0.0)
      sass (~> 3.2)
    bootstrap_form (2.1.1)
    builder (3.2.2)
    celluloid (0.15.2)
      timers (~> 1.1.0)
    chunky_png (1.3.1)
    coderay (1.1.0)
    coffee-rails (4.0.1)
      coffee-script (>= 2.2.0)
      railties (>= 4.0.0, < 5.0)
    coffee-script (2.3.0)
      coffee-script-source
      execjs
    coffee-script-source (1.7.1)
    compass (0.12.7)
      chunky_png (~> 1.2)
      fssm (>= 0.2.7)
      sass (~> 3.2.19)
    compass-rails (2.0.0)
      compass (>= 0.12.2)
    debug_inspector (0.0.2)
    devise (3.2.4)
      bcrypt (~> 3.0)
      orm_adapter (~> 0.1)
      railties (>= 3.2.6, < 5)
      thread_safe (~> 0.1)
      warden (~> 1.2.3)
    dotenv (0.11.1)
      dotenv-deployment (~> 0.0.2)
    dotenv-deployment (0.0.2)
    em-websocket (0.5.1)
      eventmachine (>= 0.12.9)
      http_parser.rb (~> 0.6.0)
    erubis (2.7.0)
    eventmachine (1.0.3)
    execjs (2.2.1)
    ffi (1.9.3)
    font-awesome-rails (4.1.0.0)
      railties (>= 3.2, < 5.0)
    foreman (0.74.0)
      dotenv (~> 0.11.1)
      thor (~> 0.19.1)
    formatador (0.2.5)
    fssm (0.2.10)
    guard (2.6.1)
      formatador (>= 0.2.4)
      listen (~> 2.7)
      lumberjack (~> 1.0)
      pry (>= 0.9.12)
      thor (>= 0.18.1)
    guard-livereload (2.3.0)
      em-websocket (~> 0.5)
      guard (~> 2.0)
      multi_json (~> 1.8)
    hike (1.2.3)
    http_parser.rb (0.6.0)
    i18n (0.6.11)
    jbuilder (2.1.3)
      activesupport (>= 3.0.0, < 5)
      multi_json (~> 1.2)
    jquery-rails (3.1.1)
      railties (>= 3.0, < 5.0)
      thor (>= 0.14, < 2.0)
    json (1.8.1)
    kaminari (0.16.1)
      actionpack (>= 3.0.0)
      activesupport (>= 3.0.0)
    listen (2.7.9)
      celluloid (>= 0.15.2)
      rb-fsevent (>= 0.9.3)
      rb-inotify (>= 0.9)
    lumberjack (1.0.9)
    mail (2.5.4)
      mime-types (~> 1.16)
      treetop (~> 1.4.8)
    method_source (0.8.2)
    mime-types (1.25.1)
    mini_portile (0.6.0)
    minitest (5.4.0)
    multi_json (1.10.1)
    newrelic_rpm (3.9.0.229)
    nokogiri (1.6.3.1)
      mini_portile (= 0.6.0)
    orm_adapter (0.5.0)
    pg (0.17.1)
    polyamorous (1.1.0)
      activerecord (>= 3.0)
    polyglot (0.3.5)
    pry (0.10.0)
      coderay (~> 1.1.0)
      method_source (~> 0.8.1)
      slop (~> 3.4)
    puma (2.9.0)
      rack (>= 1.1, < 2.0)
    rack (1.5.2)
    rack-test (0.6.2)
      rack (>= 1.0)
    rails (4.1.4)
      actionmailer (= 4.1.4)
      actionpack (= 4.1.4)
      actionview (= 4.1.4)
      activemodel (= 4.1.4)
      activerecord (= 4.1.4)
      activesupport (= 4.1.4)
      bundler (>= 1.3.0, < 2.0)
      railties (= 4.1.4)
      sprockets-rails (~> 2.0)
    rails-footnotes (4.0.2)
      rails (>= 3.2)
    rails_12factor (0.0.2)
      rails_serve_static_assets
      rails_stdout_logging
    rails_serve_static_assets (0.0.2)
    rails_stdout_logging (0.0.3)
    railties (4.1.4)
      actionpack (= 4.1.4)
      activesupport (= 4.1.4)
      rake (>= 0.8.7)
      thor (>= 0.18.1, < 2.0)
    rake (10.3.2)
    rb-fsevent (0.9.4)
    rb-inotify (0.9.5)
      ffi (>= 0.5.0)
    rdoc (4.1.1)
      json (~> 1.4)
    redcarpet (3.1.2)
    rinku (1.7.3)
    sass (3.2.19)
    sass-rails (4.0.3)
      railties (>= 4.0.0, < 5.0)
      sass (~> 3.2.0)
      sprockets (~> 2.8, <= 2.11.0)
      sprockets-rails (~> 2.0)
    sdoc (0.4.0)
      json (~> 1.8)
      rdoc (~> 4.0, < 5.0)
    slim (2.0.3)
      temple (~> 0.6.6)
      tilt (>= 1.3.3, < 2.1)
    slim-rails (2.1.5)
      actionpack (>= 3.0, < 4.2)
      activesupport (>= 3.0, < 4.2)
      railties (>= 3.0, < 4.2)
      slim (~> 2.0)
    slop (3.6.0)
    spring (1.1.3)
    sprockets (2.11.0)
      hike (~> 1.2)
      multi_json (~> 1.0)
      rack (~> 1.0)
      tilt (~> 1.1, != 1.3.0)
    sprockets-rails (2.1.3)
      actionpack (>= 3.0)
      activesupport (>= 3.0)
      sprockets (~> 2.8)
    squeel (1.2.1)
      activerecord (>= 3.0)
      activesupport (>= 3.0)
      polyamorous (~> 1.1.0)
    temple (0.6.8)
    thor (0.19.1)
    thread_safe (0.3.4)
    tilt (1.4.1)
    timers (1.1.0)
    treetop (1.4.15)
      polyglot
      polyglot (>= 0.3.1)
    turbolinks (2.2.2)
      coffee-rails
    tzinfo (1.2.1)
      thread_safe (~> 0.1)
    uglifier (2.5.3)
      execjs (>= 0.3.0)
      json (>= 1.8.0)
    warden (1.2.3)
      rack (>= 1.0)

PLATFORMS
  ruby

DEPENDENCIES
  aasm
  autoprefixer-rails
  awesome_print
  better_errors
  binding_of_caller
  bootstrap-sass
  bootstrap_form
  coffee-rails (~> 4.0.0)
  compass-rails
  devise
  font-awesome-rails
  foreman
  guard-livereload
  jbuilder (~> 2.0)
  jquery-rails
  kaminari
  newrelic_rpm
  nokogiri
  pg
  puma
  rails (= 4.1.4)
  rails-footnotes (>= 4.0.0, < 5)
  rails_12factor
  rails_stdout_logging
  redcarpet
  rinku
  sass-rails (~> 4.0.3)
  sdoc (~> 0.4.0)
  slim-rails
  spring
  squeel
  turbolinks
  uglifier (>= 1.3.0)
